GEM
  remote: http://rubygems.org/
  specs:
    rack (2.1.4.3)

PLATFORMS
  ruby

DEPENDENCIES
  rack
