GEM
  remote: http://rubygems.org/
  specs:
    rack (2.2.6.4)

PLATFORMS
  ruby

DEPENDENCIES
  rack
