GEM
  remote: http://rubygems.org/
  specs:
    rack (1.5.4)

PLATFORMS
  ruby

DEPENDENCIES
  rack
